PATH
  remote: .
  specs:
    kramdown (1.2.0)

GEM
  remote: https://rubygems.org/
  specs:
    Ascii85 (1.0.2)
    afm (0.2.0)
    coderay (1.1.0)
    hashery (2.1.1)
    minitest (5.0.8)
    pdf-reader (1.3.3)
      Ascii85 (~> 1.0.0)
      afm (~> 0.2.0)
      hashery (~> 2.0)
      ruby-rc4
      ttfunk
    prawn (1.0.0.rc2)
      afm
      pdf-reader (>= 0.9.0, < 2.0)
      ruby-rc4
      ttfunk (~> 1.0.3)
    rake (10.1.0)
    ruby-rc4 (0.1.5)
    rubysl-e2mmap (2.0.0)
    rubysl-enumerator (2.0.0)
    rubysl-irb (2.0.3)
      rubysl-e2mmap (~> 2.0)
      rubysl-mathn (~> 2.0)
      rubysl-readline (~> 2.0)
      rubysl-thread (~> 2.0)
      rubysl-tracer (~> 2.0)
    rubysl-mathn (2.0.0)
    rubysl-readline (2.0.2)
    rubysl-rexml (2.0.1)
    rubysl-thread (2.0.2)
    rubysl-tracer (2.0.0)
    stringex (2.1.0)
    ttfunk (1.0.3)

PLATFORMS
  java
  ruby

DEPENDENCIES
  coderay (~> 1.1)
  kramdown!
  minitest (~> 5.0)
  prawn (~> 1.0.0.rc2)
  rake (~> 10.1)
  rubysl-enumerator
  rubysl-irb
  rubysl-rexml
  stringex (~> 2.1)
